GEM
  remote: https://rubygems.org/
  specs:
    dotenv (2.7.5)
    http-2 (0.10.1)
    httpx (0.4.1)
      http-2 (>= 0.9.0)

PLATFORMS
  ruby

DEPENDENCIES
  dotenv
  httpx

BUNDLED WITH
   1.17.2
